GEM
  remote: https://rubygems.org/
  specs:
    haml (6.0.10)
      temple (>= 0.8.2)
      thor
      tilt
    mustermann (3.0.0)
      ruby2_keywords (~> 0.0.1)
    nio4r (2.5.8)
    puma (6.0.0)
      nio4r (~> 2.0)
    rack (2.2.4)
    rack-protection (3.0.4)
      rack
    ruby2_keywords (0.0.5)
    sinatra (3.0.4)
      mustermann (~> 3.0)
      rack (~> 2.2, >= 2.2.4)
      rack-protection (= 3.0.4)
      tilt (~> 2.0)
    temple (0.9.1)
    thor (1.2.1)
    tilt (2.0.11)

PLATFORMS
  ruby

DEPENDENCIES
  haml
  puma
  sinatra

BUNDLED WITH
   2.3.23
