GEM
  remote: https://rubygems.org/
  specs:
    haml (4.0.5)
      tilt
    mina (0.3.1)
      open4 (~> 1.3.4)
      rake
    mina-puma (0.1.2)
      mina
      puma
    open4 (1.3.4)
    puma (2.10.2)
      rack (>= 1.1, < 2.0)
    rack (1.5.2)
    rack-protection (1.5.3)
      rack
    rake (10.4.1)
    sinatra (1.4.5)
      rack (~> 1.4)
      rack-protection (~> 1.4)
      tilt (~> 1.3, >= 1.3.4)
    tilt (1.4.1)

PLATFORMS
  ruby

DEPENDENCIES
  haml
  mina
  mina-puma
  puma
  sinatra
